GEM
  remote: https://rubygems.org/
  remote: http://gem.int.prg.relbit.com/
  specs:
    bitlogger (2.1.2)
      json (~> 1.7.7)
      rake (~> 10.0.3)
      rest-client (~> 1.6.7)
    diff-lcs (1.1.3)
    json (1.7.7)
    mime-types (1.21)
    rake (10.0.3)
    rest-client (1.6.7)
      mime-types (>= 1.16)
    rspec (2.12.0)
      rspec-core (~> 2.12.0)
      rspec-expectations (~> 2.12.0)
      rspec-mocks (~> 2.12.0)
    rspec-core (2.12.2)
    rspec-expectations (2.12.1)
      diff-lcs (~> 1.1.3)
    rspec-mocks (2.12.2)

PLATFORMS
  ruby

DEPENDENCIES
  bitlogger (~> 2.1.2)
  rake (~> 10.0.3)
  rest-client (~> 1.6.7)
  rspec (~> 2.12.0)
