GEM
  remote: https://rubygems.org/
  remote: http://gem.int.prg.relbit.com/
  specs:
    activesupport (3.2.13)
      i18n (= 0.6.1)
      multi_json (~> 1.0)
    bitlogger (2.1.2)
      json (~> 1.7.7)
      rake (~> 10.0.3)
      rest-client (~> 1.6.7)
    daemons (1.1.9)
    diff-lcs (1.1.3)
    eventmachine (1.0.0)
    i18n (0.6.1)
    json (1.7.7)
    mime-types (1.21)
    multi_json (1.7.2)
    rack (1.5.2)
    rack-protection (1.3.2)
      rack
    rack-test (0.6.2)
      rack (>= 1.0)
    rake (10.0.3)
    rest-client (1.6.7)
      mime-types (>= 1.16)
    rspec (2.12.0)
      rspec-core (~> 2.12.0)
      rspec-expectations (~> 2.12.0)
      rspec-mocks (~> 2.12.0)
    rspec-core (2.12.2)
    rspec-expectations (2.12.1)
      diff-lcs (~> 1.1.3)
    rspec-mocks (2.12.2)
    sinatra (1.3.4)
      rack (~> 1.4)
      rack-protection (~> 1.3)
      tilt (~> 1.3, >= 1.3.3)
    thin (1.5.0)
      daemons (>= 1.0.9)
      eventmachine (>= 0.12.6)
      rack (>= 1.0.0)
    tilt (1.3.7)

PLATFORMS
  ruby

DEPENDENCIES
  activesupport (~> 3.2.13)
  bitlogger (~> 2.1.2)
  daemons (~> 1.1.9)
  rack-test (~> 0.6.2)
  rake (~> 10.0.3)
  rest-client (~> 1.6.7)
  rspec (~> 2.12.0)
  sinatra (~> 1.3.4)
  thin (~> 1.5.0)
