GEM
  remote: https://rubygems.org/
  specs:
    activesupport (3.2.17)
      i18n (~> 0.6, >= 0.6.4)
      multi_json (~> 1.0)
    bitlogger (2.0.1)
      json (~> 1.8.0)
      mime-types (~> 1.25)
      rack (~> 1.4.5)
      rake (~> 10.1.0)
      rest-client (~> 1.6.7)
    daemons (1.1.9)
    diff-lcs (1.2.5)
    eventmachine (1.0.3)
    i18n (0.6.9)
    json (1.8.1)
    mime-types (1.25.1)
    multi_json (1.9.2)
    rack (1.4.5)
    rack-protection (1.5.2)
      rack
    rack-test (0.6.2)
      rack (>= 1.0)
    rake (10.1.1)
    rest-client (1.6.7)
      mime-types (>= 1.16)
    rspec (2.14.1)
      rspec-core (~> 2.14.0)
      rspec-expectations (~> 2.14.0)
      rspec-mocks (~> 2.14.0)
    rspec-core (2.14.8)
    rspec-expectations (2.14.5)
      diff-lcs (>= 1.1.3, < 2.0)
    rspec-mocks (2.14.6)
    sinatra (1.4.4)
      rack (~> 1.4)
      rack-protection (~> 1.4)
      tilt (~> 1.3, >= 1.3.4)
    thin (1.5.1)
      daemons (>= 1.0.9)
      eventmachine (>= 0.12.6)
      rack (>= 1.0.0)
    tilt (1.4.1)

PLATFORMS
  ruby

DEPENDENCIES
  activesupport (~> 3.2.14)
  bitlogger (~> 2.0.1)
  bundler (~> 1.5.3)
  daemons (~> 1.1.9)
  mime-types (~> 1.25)
  rack (~> 1.4.5)
  rack-test (~> 0.6.2)
  rake (~> 10.1.0)
  rest-client (~> 1.6.7)
  rspec (~> 2.14.1)
  sinatra (~> 1.4.3)
  thin (~> 1.5.1)
